GEM
  remote: https://rubygems.org/
  specs:
    addressable (2.7.0)
      public_suffix (>= 2.0.2, < 5.0)
    concurrent-ruby (1.1.8)
    domain_name (0.5.20190701)
      unf (>= 0.0.5, < 1.0.0)
    ffi (1.15.0)
    ffi-compiler (1.0.1)
      ffi (>= 1.0.0)
      rake
    http (4.4.1)
      addressable (~> 2.3)
      http-cookie (~> 1.0)
      http-form_data (~> 2.2)
      http-parser (~> 1.2.0)
    http-cookie (1.0.3)
      domain_name (~> 0.5)
    http-form_data (2.3.0)
    http-parser (1.2.3)
      ffi-compiler (>= 1.0, < 2.0)
    json (2.3.1)
    launchdarkly-server-sdk (6.1.0)
      concurrent-ruby (~> 1.1)
      http (~> 4.4.1)
      json (~> 2.3.1)
      ld-eventsource (~> 2.0)
      semantic (~> 1.6)
    ld-eventsource (2.0.0)
      concurrent-ruby (~> 1.0)
      http (~> 4.4.1)
    public_suffix (4.0.6)
    rake (13.0.3)
    semantic (1.6.1)
    unf (0.1.4)
      unf_ext
    unf_ext (0.0.7.7)

PLATFORMS
  ruby

DEPENDENCIES
  launchdarkly-server-sdk (= 6.1.0)

BUNDLED WITH
   1.17.2
